PATH
  remote: .
  specs:
    ruby_luhn (0.1.0)

GEM
  remote: http://rubygems.org/
  specs:
    ansi (1.3.0)
    minitest (2.6.0)
    rake (0.9.2)
    turn (0.8.2)
      ansi (>= 1.2.2)

PLATFORMS
  ruby

DEPENDENCIES
  minitest (~> 2.6.0)
  rake
  ruby_luhn!
  turn
